GEM
  remote: https://rubygems.org/
  specs:
    builder (3.2.2)
    diff-lcs (1.2.5)
    mini_portile (0.6.2)
    nokogiri (1.6.6.2)
      mini_portile (~> 0.6.0)
    rspec (3.3.0)
      rspec-core (~> 3.3.0)
      rspec-expectations (~> 3.3.0)
      rspec-mocks (~> 3.3.0)
    rspec-core (3.3.2)
      rspec-support (~> 3.3.0)
    rspec-expectations (3.3.1)
      diff-lcs (>= 1.2.0, < 2.0)
      rspec-support (~> 3.3.0)
    rspec-mocks (3.3.2)
      diff-lcs (>= 1.2.0, < 2.0)
      rspec-support (~> 3.3.0)
    rspec-support (3.3.0)
    ruby-oci8 (2.2.0.2)
    ruby-plsql (0.5.3)
    ruby-plsql-spec (0.4.0)
      nokogiri (~> 1.6.0)
      rspec (>= 2.0, < 4.0)
      rspec-support (>= 3.1, < 4.0)
      ruby-plsql (~> 0.5.0)
      thor (~> 0.19.1)
    thor (0.19.1)
    yarjuf (2.0.0)
      builder
      rspec (~> 3)

PLATFORMS
  ruby

DEPENDENCIES
  rspec
  ruby-oci8
  ruby-plsql-spec
  yarjuf
